GIT
  remote: git://github.com/kainosnoema/rack-lineprof.git
  revision: aac921d80237693b154e4e222b496170d973209c
  specs:
    rack-lineprof (0.0.2)
      rack
      rblineprof (~> 0.3.1)
      term-ansicolor

GEM
  remote: http://rubygems.org/
  specs:
    coderay (1.1.0)
    debugger-ruby_core_source (1.3.5)
    json (1.7.5)
    kgio (2.7.4)
    method_source (0.8.2)
    mysql2 (0.3.11)
    newrelic_rpm (3.7.2.195)
    pry (0.10.1)
      coderay (~> 1.1.0)
      method_source (~> 0.8.1)
      slop (~> 3.4)
    rack (1.4.1)
    rack-protection (1.2.0)
      rack
    raindrops (0.10.0)
    rblineprof (0.3.6)
      debugger-ruby_core_source (~> 1.3)
    shotgun (0.9)
      rack (>= 1.0)
    sinatra (1.3.3)
      rack (~> 1.3, >= 1.3.6)
      rack-protection (~> 1.2)
      tilt (~> 1.3, >= 1.3.3)
    slim (1.3.3)
      temple (~> 0.5.5)
      tilt (~> 1.3.3)
    slop (3.6.0)
    temple (0.5.5)
    term-ansicolor (1.3.0)
      tins (~> 1.0)
    tilt (1.3.3)
    tins (1.3.3)
    unicorn (4.4.0)
      kgio (~> 2.6)
      rack
      raindrops (~> 0.7)

PLATFORMS
  ruby

DEPENDENCIES
  json (= 1.7.5)
  mysql2 (= 0.3.11)
  newrelic_rpm
  pry
  rack-lineprof!
  shotgun
  sinatra (= 1.3.3)
  slim (= 1.3.3)
  unicorn (= 4.4.0)
